GEM
  remote: http://rubygems.org/
  specs:
    awesome_print (1.8.0)
    diff-lcs (1.3)
    faraday (0.15.3)
      multipart-post (>= 1.2, < 3)
    faraday_middleware (0.12.2)
      faraday (>= 0.7.4, < 1.0)
    filelock (1.1.1)
    find_a_port (1.0.1)
    httparty (0.16.3)
      mime-types (~> 3.0)
      multi_xml (>= 0.5.2)
    json (2.1.0)
    mime-types (3.2.2)
      mime-types-data (~> 3.2015)
    mime-types-data (3.2018.0812)
    multi_xml (0.6.0)
    multipart-post (2.0.0)
    pact (1.37.0)
      json (> 1.8.5)
      pact-mock_service (~> 2.10)
      pact-support (~> 1.8)
      rack-test (~> 0.6, >= 0.6.3)
      randexp (~> 0.1.7)
      rspec (>= 2.14)
      term-ansicolor (~> 1.0)
      thor
      webrick
    pact-message (0.5.0)
      pact-mock_service (~> 2.6)
      pact-support (~> 1.8)
      thor (~> 0.20)
    pact-mock_service (2.12.0)
      filelock (~> 1.1)
      find_a_port (~> 1.0.1)
      json
      pact-support (~> 1.2, >= 1.2.1)
      rack (~> 2.0)
      rspec (>= 2.14)
      term-ansicolor (~> 1.0)
      thor (~> 0.19)
      webrick (~> 1.3)
    pact-provider-verifier (1.21.0)
      faraday (~> 0.9, >= 0.9.0)
      faraday_middleware (~> 0.10)
      json (> 1.8)
      pact (~> 1.36)
      pact-message (~> 0.5)
      rack (~> 2.0)
      rack-reverse-proxy
      rake (~> 10.4, >= 10.4.2)
      rspec (~> 3.5)
      rspec_junit_formatter (~> 0.3)
    pact-support (1.8.1)
      awesome_print (~> 1.1)
      find_a_port (~> 1.0.1)
      json
      randexp (~> 0.1.7)
      rspec (>= 2.14)
      term-ansicolor (~> 1.0)
      thor
    pact_broker-client (1.17.0)
      httparty
      json
      rake
      table_print (~> 1.5)
      term-ansicolor
      thor (~> 0.20)
    rack (2.0.6)
    rack-proxy (0.6.5)
      rack
    rack-reverse-proxy (0.12.0)
      rack (>= 1.0.0)
      rack-proxy (~> 0.6, >= 0.6.1)
    rack-test (0.8.3)
      rack (>= 1.0, < 3)
    rake (10.5.0)
    randexp (0.1.7)
    rspec (3.8.0)
      rspec-core (~> 3.8.0)
      rspec-expectations (~> 3.8.0)
      rspec-mocks (~> 3.8.0)
    rspec-core (3.8.0)
      rspec-support (~> 3.8.0)
    rspec-expectations (3.8.2)
      diff-lcs (>= 1.2.0, < 2.0)
      rspec-support (~> 3.8.0)
    rspec-mocks (3.8.0)
      diff-lcs (>= 1.2.0, < 2.0)
      rspec-support (~> 3.8.0)
    rspec-support (3.8.0)
    rspec_junit_formatter (0.4.1)
      rspec-core (>= 2, < 4, != 2.12.0)
    table_print (1.5.6)
    term-ansicolor (1.7.0)
      tins (~> 1.0)
    thor (0.20.3)
    tins (1.20.2)
    webrick (1.3.1)

PLATFORMS
  ruby

DEPENDENCIES
  pact
  pact-message
  pact-mock_service
  pact-provider-verifier
  pact_broker-client
  webrick (~> 1.3.1)

BUNDLED WITH
   1.16.2
